PATH
  remote: .
  specs:
    coinmarketcap_free (1.0.1)

GEM
  remote: https://rubygems.org/
  specs:
    json (2.6.3)
    minitest (5.20.0)
    net-http (0.3.2)
      uri
    openssl (3.2.0)
    rake (13.0.6)
    uri (0.12.2)

PLATFORMS
  x86_64-darwin-22
  x86_64-linux

DEPENDENCIES
  coinmarketcap_free!
  json (~> 2.6)
  minitest (~> 5.0)
  net-http (~> 0.3.0)
  openssl (~> 3.0)
  rake (~> 13.0)
  uri (~> 0.12.1)

BUNDLED WITH
   2.5.3
